PATH
  remote: .
  specs:
    reenhanced_bitbucket_api (0.3.2)
      faraday (< 2.0)
      faraday_middleware (< 2.0)
      hashie (>= 4.1)
      multi_json (< 2.0)
      nokogiri (>= 1.5.2)
      simple_oauth (>= 0.3.0)

GEM
  remote: http://rubygems.org/
  specs:
    faraday (1.0.1)
      multipart-post (>= 1.2, < 3)
    faraday_middleware (1.0.0)
      faraday (~> 1.0)
    hashie (4.1.0)
    mini_portile2 (2.4.0)
    multi_json (1.14.1)
    multipart-post (2.1.1)
    nokogiri (1.10.9)
      mini_portile2 (~> 2.4.0)
    rake (13.0.1)
    simple_oauth (0.3.1)

PLATFORMS
  ruby

DEPENDENCIES
  bundler
  rake
  reenhanced_bitbucket_api!

BUNDLED WITH
   2.1.4
